GEM
  remote: https://rubygems.org/
  specs:
    diff-lcs (1.2.5)
    i18n (0.6.9)
    money (5.1.1)
      i18n (~> 0.6.0)
    rspec (2.14.1)
      rspec-core (~> 2.14.0)
      rspec-expectations (~> 2.14.0)
      rspec-mocks (~> 2.14.0)
    rspec-core (2.14.7)
    rspec-expectations (2.14.5)
      diff-lcs (>= 1.1.3, < 2.0)
    rspec-mocks (2.14.5)

PLATFORMS
  ruby

DEPENDENCIES
  money
  rspec
